GEM
  remote: https://rubygems.org/
  specs:
    sass (3.4.22)
    susy (2.2.12)
      sass (>= 3.3.0, < 3.5)

PLATFORMS
  ruby

DEPENDENCIES
  susy

RUBY VERSION
   ruby 2.2.3p173

BUNDLED WITH
   1.12.5
